GEM
  remote: http://rubygems.org/
  specs:
    algorithms (0.5.0)
    nokogiri (1.5.5)

PLATFORMS
  ruby

DEPENDENCIES
  algorithms
  nokogiri
